GEM
  remote: https://rubygems.org/
  specs:
    rake (10.3.2)
    stringex (1.4.0)

PLATFORMS
  ruby

DEPENDENCIES
  rake (~> 10.0)
  stringex (~> 1.4.0)
